GEM
  remote: https://rubygems.org/
  specs:
    ast (2.4.0)
    awesome_print (1.7.0)
    haml (4.0.7)
      tilt
    haml_lint (0.24.0)
      haml (>= 4.0, < 5.1)
      rainbow
      rake (>= 10, < 13)
      rubocop (>= 0.47.0)
      sysexits (~> 1.1)
    parallel (1.12.1)
    parser (2.5.0.3)
      ast (~> 2.4.0)
    powerpack (0.1.1)
    rainbow (3.0.0)
    rake (12.0.0)
    rubocop (0.53.0)
      parallel (~> 1.10)
      parser (>= 2.5)
      powerpack (~> 0.1)
      rainbow (>= 2.2.2, < 4.0)
      ruby-progressbar (~> 1.7)
      unicode-display_width (~> 1.0, >= 1.0.1)
    ruby-progressbar (1.9.0)
    sass (3.4.23)
    scss_lint (0.52.0)
      rake (>= 0.9, < 13)
      sass (~> 3.4.20)
    slim (3.0.7)
      temple (~> 0.7.6)
      tilt (>= 1.3.3, < 2.1)
    slim_lint (0.12.0)
      rake (>= 10, < 13)
      rubocop (>= 0.48.0)
      slim (~> 3.0)
      sysexits (~> 1.1)
    sysexits (1.2.0)
    temple (0.7.7)
    tilt (2.0.7)
    unicode-display_width (1.3.0)

PLATFORMS
  ruby

DEPENDENCIES
  awesome_print
  bundler
  haml_lint
  rake
  rubocop
  scss_lint
  slim_lint

BUNDLED WITH
   1.16.0
